PATH
  remote: .
  specs:
    endicia_label_server-ruby (0.5.3)
      excon (~> 0.45, >= 0.45.3)
      insensitive_hash (~> 0.3.3, >= 0.3.3)
      ox (~> 2.2, >= 2.2.0)

GEM
  remote: http://rubygems.org/
  specs:
    codeclimate-test-reporter (1.0.5)
      simplecov
    diff-lcs (1.3)
    docile (1.1.5)
    excon (0.64.0)
    faker (1.7.2)
      i18n (~> 0.5)
    i18n (0.7.0)
    insensitive_hash (0.3.3)
    json (2.0.3)
    mini_portile2 (2.1.0)
    nokogiri (1.7.0.1)
      mini_portile2 (~> 2.1.0)
    ox (2.10.0)
    rake (12.0.0)
    rspec (3.5.0)
      rspec-core (~> 3.5.0)
      rspec-expectations (~> 3.5.0)
      rspec-mocks (~> 3.5.0)
    rspec-core (3.5.4)
      rspec-support (~> 3.5.0)
    rspec-expectations (3.5.0)
      diff-lcs (>= 1.2.0, < 2.0)
      rspec-support (~> 3.5.0)
    rspec-mocks (3.5.0)
      diff-lcs (>= 1.2.0, < 2.0)
      rspec-support (~> 3.5.0)
    rspec-support (3.5.0)
    rspec-xsd (0.1.0)
      nokogiri (~> 1.6)
      rspec (~> 3)
    simplecov (0.13.0)
      docile (~> 1.1.0)
      json (>= 1.8, < 3)
      simplecov-html (~> 0.10.0)
    simplecov-html (0.10.0)

PLATFORMS
  ruby

DEPENDENCIES
  codeclimate-test-reporter (~> 1.0.0)
  endicia_label_server-ruby!
  faker
  rake
  rspec
  rspec-xsd
  simplecov

BUNDLED WITH
   1.16.1
